{
    "Modality": "MR",
    "MagneticFieldStrength": 3,
    "ImagingFrequency": 123.26,
    "Manufacturer": "Siemens",
    "ManufacturersModelName": "Prisma_fit",
    "InstitutionName": "Swinburne University",
    "InstitutionalDepartmentName": "Advanced Technologies",
    "InstitutionAddress": "Burwood Road 400,Hawthorn,Victoria,AU,3122",
    "DeviceSerialNumber": "167089",
    "StationName": "MRC35440",
    "BodyPartExamined": "BRAIN",
    "PatientPosition": "HFS",
    "ProcedureStepDescription": "Talitha Ford^SPfMRS",
    "SoftwareVersions": "syngo MR E11",
    "MRAcquisitionType": "2D",
    "SeriesDescription": "func_ep2d_face_task",
    "ProtocolName": "func_ep2d_face_task",
    "ScanningSequence": "EP",
    "SequenceVariant": "SK",
    "ScanOptions": "FS",
    "SequenceName": "*epfid2d1_64",
    "ImageType": [
        "ORIGINAL",
        "PRIMARY",
        "M",
        "ND",
        "MOSAIC"
    ],
    "SeriesNumber": 13,
    "AcquisitionTime": "14:17:13.110000",
    "AcquisitionNumber": 1,
    "ImageComments": "Project:FMRS, Subject:105, Session:S2",
    "SliceThickness": 3,
    "SpacingBetweenSlices": 3.6,
    "SAR": 0.11418,
    "EchoTime": 0.03,
    "RepetitionTime": 2.5,
    "FlipAngle": 90,
    "PartialFourier": 1,
    "BaseResolution": 64,
    "ShimSetting": [
        2542,
        4714,
        4080,
        468,
        -56,
        224,
        -98,
        -1
    ],
    "TxRefAmp": 265.792,
    "PhaseResolution": 1,
    "ReceiveCoilName": "Head_32",
    "ReceiveCoilActiveElements": "HEA;HEP",
    "PulseSequenceDetails": "%SiemensSeq%\\ep2d_pace",
    "RefLinesPE": 24,
    "CoilCombinationMethod": "Sum of Squares",
    "ConsistencyInfo": "N4_VE11E_LATEST_20181129",
    "MatrixCoilMode": "GRAPPA",
    "PercentPhaseFOV": 100,
    "PercentSampling": 100,
    "EchoTrainLength": 31,
    "PhaseEncodingSteps": 63,
    "AcquisitionMatrixPE": 64,
    "ReconMatrixPE": 64,
    "BandwidthPerPixelPhaseEncode": 55.804,
    "ParallelReductionFactorInPlane": 2,
    "EffectiveEchoSpacing": 0.000279998,
    "DerivedVendorReportedEchoSpacing": 0.000559996,
    "TotalReadoutTime": 0.0176399,
    "PixelBandwidth": 2110,
    "DwellTime": 3.7e-06,
    "PhaseEncodingDirection": "j-",
    "SliceTiming": [
        1.24,
        0,
        1.2925,
        0.0525,
        1.3475,
        0.1075,
        1.4,
        0.16,
        1.455,
        0.215,
        1.51,
        0.27,
        1.5625,
        0.3225,
        1.6175,
        0.3775,
        1.67,
        0.43,
        1.725,
        0.485,
        1.7775,
        0.5375,
        1.8325,
        0.5925,
        1.8875,
        0.6475,
        1.94,
        0.7,
        1.995,
        0.755,
        2.0475,
        0.8075,
        2.1025,
        0.8625,
        2.155,
        0.915,
        2.21,
        0.97,
        2.2625,
        1.025,
        2.3175,
        1.0775,
        2.3725,
        1.1325,
        2.425,
        1.185
    ],
    "ImageOrientationPatientDICOM": [
        0.999341,
        -0.00418455,
        -0.0360614,
        3.06132e-08,
        0.993335,
        -0.115265
    ],
    "ImageOrientationText": "Tra>Cor(-6.6)>Sag(-2.1)",
    "InPlanePhaseEncodingDirectionDICOM": "COL",
    "ConversionSoftware": "dcm2niix",
    "ConversionSoftwareVersion": "v1.0.20211220",
    "TaskName": "face"
}