{
    "Modality": "MR",
    "MagneticFieldStrength": 3,
    "ImagingFrequency": 123.259,
    "Manufacturer": "Siemens",
    "ManufacturersModelName": "Prisma_fit",
    "InstitutionName": "Swinburne University",
    "InstitutionalDepartmentName": "Advanced Technologies",
    "InstitutionAddress": "Burwood Road 400,Hawthorn,Victoria,AU,3122",
    "DeviceSerialNumber": "167089",
    "StationName": "MRC35440",
    "BodyPartExamined": "BRAIN",
    "PatientPosition": "HFS",
    "ProcedureStepDescription": "Talitha Ford^SPfMRS",
    "SoftwareVersions": "syngo MR E11",
    "MRAcquisitionType": "2D",
    "SeriesDescription": "fmap_gre_field_mapping",
    "ProtocolName": "fmap_gre_field_mapping",
    "ScanningSequence": "GR",
    "SequenceVariant": "SP\\OSP",
    "SequenceName": "*fm2d2r",
    "ImageType": [
        "ORIGINAL",
        "PRIMARY",
        "M",
        "ND"
    ],
    "SeriesNumber": 11,
    "AcquisitionTime": "10:37:37.877500",
    "AcquisitionNumber": 1,
    "ImageComments": "Project:FMRS, Subject:130, Session:S2",
    "SliceThickness": 3,
    "SpacingBetweenSlices": 3,
    "SAR": 0.142609,
    "EchoNumber": 1,
    "EchoTime": 0.00492,
    "RepetitionTime": 0.48,
    "FlipAngle": 60,
    "PartialFourier": 1,
    "BaseResolution": 64,
    "ShimSetting": [
        2537,
        4687,
        4142,
        388,
        -58,
        96,
        -46,
        -6
    ],
    "TxRefAmp": 265.906,
    "PhaseResolution": 1,
    "PhaseOversampling": 0.3,
    "ReceiveCoilName": "Head_32",
    "ReceiveCoilActiveElements": "HEA;HEP",
    "PulseSequenceDetails": "%SiemensSeq%\\gre_field_mapping",
    "CoilCombinationMethod": "Sum of Squares",
    "ConsistencyInfo": "N4_VE11E_LATEST_20181129",
    "MatrixCoilMode": "SENSE",
    "PercentPhaseFOV": 100,
    "PercentSampling": 100,
    "PhaseEncodingSteps": 84,
    "AcquisitionMatrixPE": 64,
    "ReconMatrixPE": 64,
    "PixelBandwidth": 325,
    "DwellTime": 2.39e-05,
    "PhaseEncodingDirection": "j-",
    "SliceTiming": [
        0.23438,
        0,
        0.25,
        0.00781,
        0.25781,
        0.01562,
        0.26562,
        0.03125,
        0.28125,
        0.03906,
        0.28906,
        0.04688,
        0.29688,
        0.0625,
        0.3125,
        0.07031,
        0.32031,
        0.07812,
        0.32812,
        0.09375,
        0.34375,
        0.10156,
        0.35156,
        0.10938,
        0.35938,
        0.125,
        0.375,
        0.13281,
        0.38281,
        0.14062,
        0.39062,
        0.15625,
        0.40625,
        0.16406,
        0.41406,
        0.17188,
        0.42188,
        0.1875,
        0.4375,
        0.19531,
        0.44531,
        0.20312,
        0.45312,
        0.21875,
        0.46875,
        0.22656
    ],
    "ImageOrientationPatientDICOM": [
        0.9979,
        -0.0388812,
        0.0518111,
        0.0439183,
        0.994025,
        -0.0999229
    ],
    "ImageOrientationText": "Tra>Cor(-5.9)>Sag(2.7)",
    "InPlanePhaseEncodingDirectionDICOM": "COL",
    "ConversionSoftware": "dcm2niix",
    "ConversionSoftwareVersion": "v1.0.20211220",
    "IntendedFor": [
        "ses-2/func/sub-130_ses-2_task-face_run-1_bold.nii.gz"
    ],
    "B0FieldIdentifier": "phasediff_fmap0"
}