{
    "SpectrometerFrequency": [
        123.259531
    ],
    "ResonantNucleus": [
        "1H"
    ],
    "dim_5": "DIM_COIL",
    "dim_6": "DIM_EDIT",
    "dim_6_info": "HERMES j-difference editing, GABA GSH, four conditions",
    "dim_6_header": {
        "EditCondition": [
            "A",
            "B",
            "C",
            "D"
        ]
    },
    "dim_7": "DIM_DYN",
    "EchoTime": 0.08,
    "RepetitionTime": 2.0,
    "ExcitationFlipAngle": 90.0,
    "TxOffset": -1.7,
    "Manufacturer": "SIEMENS",
    "ManufacturersModelName": "Prisma_fit",
    "DeviceSerialNumber": "XXXXXX",
    "SoftwareVersions": "syngo MR E11",
    "InstitutionName": "XXXXXXXXXXXXXXXXXXXX",
    "InstitutionAddress": "XXXXXXXXXXXXXXXXXXXXXXXXXXXXXXXXXXXXXXXXXX",
    "RxCoil": "\"Head_32\"",
    "SequenceName": "mgs_svs_ed",
    "ProtocolName": "spec_svs_edit_mgs_univ only RF off",
    "PatientPosition": "HFS",
    "PatientName": "XXXXXXXXXXXXX",
    "PatientDoB": "XXXXXXXX",
    "PatientSex": "O",
    "ConversionMethod": "spec2nii v0.8.11",
    "ConversionTime": "2026-05-14T10:02:50.557",
    "OriginalFile": [
        "meas_MID00070_FID12950_spec_svs_edit_mgs_univ_only_RF_off.dat"
    ],
    "kSpace": [
        false,
        false,
        false
    ],
    "EditPulse": {
        "A": {
            "PulseOffset": 1.9,
            "PulseDuration": 0.02
        },
        "B": {
            "PulseOffset": 7.5,
            "PulseDuration": 0.02
        },
        "C": {
            "PulseOffset": 4.56,
            "PulseDuration": 0.02
        },
        "D": {
            "PulseOffset": [
                1.9,
                4.56
            ],
            "PulseDuration": 0.02
        }
    },
    "SpectralWidth": 4000.0,
    "PulseSequenceFile": {
        "Value": "%CustomerSeq%\\svs_edit_mgs_univ",
        "Description": "Sequence binary path."
    },
    "IceProgramFile": {
        "Value": "%CustomerIceProgs%\\IceSpecEdit",
        "Description": "Reconstruction binary path."
    }
}