{
    "Modality": "MR",
    "MagneticFieldStrength": 3,
    "ImagingFrequency": 123.259,
    "Manufacturer": "Siemens",
    "ManufacturersModelName": "Prisma_fit",
    "InstitutionName": "Swinburne University",
    "InstitutionalDepartmentName": "Advanced Technologies",
    "InstitutionAddress": "Burwood Road 400,Hawthorn,Victoria,AU,3122",
    "DeviceSerialNumber": "167089",
    "StationName": "MRC35440",
    "BodyPartExamined": "BRAIN",
    "PatientPosition": "HFS",
    "ProcedureStepDescription": "Talitha Ford^SPfMRS",
    "SoftwareVersions": "syngo MR E11",
    "MRAcquisitionType": "2D",
    "SeriesDescription": "fmap_gre_field_mapping",
    "ProtocolName": "fmap_gre_field_mapping",
    "ScanningSequence": "GR",
    "SequenceVariant": "SP\\OSP",
    "SequenceName": "*fm2d2r",
    "ImageType": [
        "ORIGINAL",
        "PRIMARY",
        "M",
        "ND"
    ],
    "SeriesNumber": 11,
    "AcquisitionTime": "11:05:13.337500",
    "AcquisitionNumber": 1,
    "ImageComments": "Project:FMRS, Subject:111, Session:S2",
    "SliceThickness": 3,
    "SpacingBetweenSlices": 3,
    "SAR": 0.157143,
    "EchoNumber": 2,
    "EchoTime": 0.00738,
    "RepetitionTime": 0.48,
    "FlipAngle": 60,
    "PartialFourier": 1,
    "BaseResolution": 64,
    "ShimSetting": [
        2517,
        4606,
        4095,
        288,
        -95,
        -179,
        -53,
        -37
    ],
    "TxRefAmp": 294.077,
    "PhaseResolution": 1,
    "PhaseOversampling": 0.3,
    "ReceiveCoilName": "Head_32",
    "ReceiveCoilActiveElements": "HEA;HEP",
    "PulseSequenceDetails": "%SiemensSeq%\\gre_field_mapping",
    "CoilCombinationMethod": "Sum of Squares",
    "ConsistencyInfo": "N4_VE11E_LATEST_20181129",
    "MatrixCoilMode": "SENSE",
    "PercentPhaseFOV": 100,
    "PercentSampling": 100,
    "PhaseEncodingSteps": 84,
    "AcquisitionMatrixPE": 64,
    "ReconMatrixPE": 64,
    "PixelBandwidth": 325,
    "DwellTime": 2.39e-05,
    "PhaseEncodingDirection": "j-",
    "SliceTiming": [
        0.24219,
        0,
        0.25781,
        0.01562,
        0.26562,
        0.02344,
        0.27344,
        0.03906,
        0.28906,
        0.04688,
        0.29688,
        0.05469,
        0.30469,
        0.0625,
        0.32031,
        0.07812,
        0.32812,
        0.08594,
        0.33594,
        0.10156,
        0.35156,
        0.10938,
        0.35938,
        0.11719,
        0.36719,
        0.125,
        0.38281,
        0.14062,
        0.39062,
        0.14844,
        0.39844,
        0.16406,
        0.41406,
        0.17188,
        0.42188,
        0.17969,
        0.42969,
        0.19531,
        0.44531,
        0.20312,
        0.45312,
        0.21094,
        0.46094,
        0.22656,
        0.47656,
        0.23438
    ],
    "ImageOrientationPatientDICOM": [
        0.999616,
        0.00322571,
        0.0275108,
        4.10411e-08,
        0.993196,
        -0.116456
    ],
    "ImageOrientationText": "Tra>Cor(-6.7)>Sag(1.6)",
    "InPlanePhaseEncodingDirectionDICOM": "COL",
    "ConversionSoftware": "dcm2niix",
    "ConversionSoftwareVersion": "v1.0.20211220",
    "IntendedFor": [
        "ses-2/func/sub-111_ses-2_task-face_run-1_bold.nii.gz"
    ],
    "B0FieldIdentifier": "phasediff_fmap0"
}