{
    "Modality": "MR",
    "MagneticFieldStrength": 3,
    "ImagingFrequency": 123.259,
    "Manufacturer": "Siemens",
    "ManufacturersModelName": "Prisma_fit",
    "InstitutionName": "Swinburne University",
    "InstitutionalDepartmentName": "Advanced Technologies",
    "InstitutionAddress": "Burwood Road 400,Hawthorn,Victoria,AU,3122",
    "DeviceSerialNumber": "167089",
    "StationName": "MRC35440",
    "BodyPartExamined": "BRAIN",
    "PatientPosition": "HFS",
    "ProcedureStepDescription": "Talitha Ford^SPfMRS",
    "SoftwareVersions": "syngo MR E11",
    "MRAcquisitionType": "2D",
    "SeriesDescription": "func_ep2d_face_task",
    "ProtocolName": "func_ep2d_face_task",
    "ScanningSequence": "EP",
    "SequenceVariant": "SK",
    "ScanOptions": "FS",
    "SequenceName": "*epfid2d1_64",
    "ImageType": [
        "ORIGINAL",
        "PRIMARY",
        "M",
        "ND",
        "MOSAIC"
    ],
    "SeriesNumber": 13,
    "AcquisitionTime": "12:44:34.065000",
    "AcquisitionNumber": 1,
    "ImageComments": "Project:FMRS, Subject:137, Session:S2",
    "SliceThickness": 3,
    "SpacingBetweenSlices": 3.6,
    "SAR": 0.116748,
    "EchoTime": 0.03,
    "RepetitionTime": 2.5,
    "FlipAngle": 90,
    "PartialFourier": 1,
    "BaseResolution": 64,
    "ShimSetting": [
        2550,
        4690,
        4196,
        532,
        -44,
        29,
        247,
        -20
    ],
    "TxRefAmp": 260.277,
    "PhaseResolution": 1,
    "ReceiveCoilName": "Head_32",
    "ReceiveCoilActiveElements": "HEA;HEP",
    "PulseSequenceDetails": "%SiemensSeq%\\ep2d_pace",
    "RefLinesPE": 24,
    "CoilCombinationMethod": "Sum of Squares",
    "ConsistencyInfo": "N4_VE11E_LATEST_20181129",
    "MatrixCoilMode": "GRAPPA",
    "PercentPhaseFOV": 100,
    "PercentSampling": 100,
    "EchoTrainLength": 31,
    "PhaseEncodingSteps": 63,
    "AcquisitionMatrixPE": 64,
    "ReconMatrixPE": 64,
    "BandwidthPerPixelPhaseEncode": 55.804,
    "ParallelReductionFactorInPlane": 2,
    "EffectiveEchoSpacing": 0.000279998,
    "DerivedVendorReportedEchoSpacing": 0.000559996,
    "TotalReadoutTime": 0.0176399,
    "PixelBandwidth": 2110,
    "DwellTime": 3.7e-06,
    "PhaseEncodingDirection": "j-",
    "SliceTiming": [
        1.24,
        0,
        1.295,
        0.055,
        1.3475,
        0.1075,
        1.4025,
        0.1625,
        1.4575,
        0.2175,
        1.51,
        0.27,
        1.565,
        0.325,
        1.6175,
        0.3775,
        1.6725,
        0.4325,
        1.725,
        0.485,
        1.78,
        0.54,
        1.835,
        0.595,
        1.8875,
        0.6475,
        1.9425,
        0.7025,
        1.995,
        0.755,
        2.05,
        0.81,
        2.1025,
        0.8625,
        2.1575,
        0.9175,
        2.21,
        0.97,
        2.265,
        1.025,
        2.32,
        1.08,
        2.3725,
        1.1325,
        2.4275,
        1.1875
    ],
    "ImageOrientationPatientDICOM": [
        0.999902,
        -0.0025936,
        0.013751,
        0.00349032,
        0.99784,
        -0.0655938
    ],
    "ImageOrientationText": "Tra>Cor(-3.8)>Sag(0.8)",
    "InPlanePhaseEncodingDirectionDICOM": "COL",
    "ConversionSoftware": "dcm2niix",
    "ConversionSoftwareVersion": "v1.0.20211220",
    "TaskName": "face"
}