{
    "Modality": "MR",
    "MagneticFieldStrength": 3,
    "ImagingFrequency": 123.26,
    "Manufacturer": "Siemens",
    "ManufacturersModelName": "Prisma_fit",
    "InstitutionName": "Swinburne University",
    "InstitutionalDepartmentName": "Advanced Technologies",
    "InstitutionAddress": "Burwood Road 400,Hawthorn,Victoria,AU,3122",
    "DeviceSerialNumber": "167089",
    "StationName": "MRC35440",
    "BodyPartExamined": "BRAIN",
    "PatientPosition": "HFS",
    "ProcedureStepDescription": "Talitha Ford^SPfMRS",
    "SoftwareVersions": "syngo MR E11",
    "MRAcquisitionType": "3D",
    "SeriesDescription": "anat_t1_mprage_sag_p3_0.89iso",
    "ProtocolName": "anat_t1_mprage_sag_p3_0.89iso",
    "ScanningSequence": "GR\\IR",
    "SequenceVariant": "SK\\SP\\MP\\OSP",
    "ScanOptions": "IR",
    "SequenceName": "*tfl3d1_16ns",
    "ImageType": [
        "ORIGINAL",
        "PRIMARY",
        "M",
        "ND",
        "NORM",
        "FM3",
        "2",
        "FIL"
    ],
    "SeriesNumber": 5,
    "AcquisitionTime": "10:18:38.107500",
    "AcquisitionNumber": 1,
    "ImageComments": "SPFMRS, 114, V1",
    "SliceThickness": 0.89,
    "SAR": 0.093262,
    "EchoTime": 0.00234,
    "RepetitionTime": 1.9,
    "SpoilingState": true,
    "InversionTime": 0.9,
    "FlipAngle": 9,
    "PartialFourier": 1,
    "BaseResolution": 288,
    "ShimSetting": [
        2542,
        4679,
        3863,
        53,
        5,
        -5,
        -16,
        -16
    ],
    "TxRefAmp": 242.64,
    "PhaseResolution": 1,
    "PhaseOversampling": 0.1,
    "ReceiveCoilName": "Head_32",
    "ReceiveCoilActiveElements": "HEA;HEP",
    "PulseSequenceDetails": "%SiemensSeq%\\tfl",
    "RefLinesPE": 24,
    "CoilCombinationMethod": "Adaptive Combine",
    "ConsistencyInfo": "N4_VE11E_LATEST_20181129",
    "MatrixCoilMode": "GRAPPA",
    "PercentPhaseFOV": 100,
    "PercentSampling": 100,
    "PhaseEncodingSteps": 315,
    "AcquisitionMatrixPE": 288,
    "ReconMatrixPE": 288,
    "ParallelReductionFactorInPlane": 3,
    "PixelBandwidth": 200,
    "DwellTime": 8.7e-06,
    "ImageOrientationPatientDICOM": [
        0.060171,
        0.978814,
        0.195712,
        0.110197,
        0.188355,
        -0.975899
    ],
    "ImageOrientationText": "Sag>Tra(-5.6)>Cor(4.6)",
    "InPlanePhaseEncodingDirectionDICOM": "ROW",
    "ConversionSoftware": "dcm2niix",
    "ConversionSoftwareVersion": "v1.0.20211220"
}