{
    "Modality": "MR",
    "MagneticFieldStrength": 3,
    "ImagingFrequency": 123.259,
    "Manufacturer": "Siemens",
    "ManufacturersModelName": "Prisma_fit",
    "InstitutionName": "Swinburne University",
    "InstitutionalDepartmentName": "Advanced Technologies",
    "InstitutionAddress": "Burwood Road 400,Hawthorn,Victoria,AU,3122",
    "DeviceSerialNumber": "167089",
    "StationName": "MRC35440",
    "BodyPartExamined": "BRAIN",
    "PatientPosition": "HFS",
    "ProcedureStepDescription": "Talitha Ford^SPfMRS",
    "SoftwareVersions": "syngo MR E11",
    "MRAcquisitionType": "2D",
    "SeriesDescription": "fmap_gre_field_mapping",
    "ProtocolName": "fmap_gre_field_mapping",
    "ScanningSequence": "GR",
    "SequenceVariant": "SP\\OSP",
    "SequenceName": "*fm2d2r",
    "ImageType": [
        "ORIGINAL",
        "PRIMARY",
        "P",
        "ND",
        "PHASE"
    ],
    "SeriesNumber": 12,
    "AcquisitionTime": "12:08:34.382500",
    "AcquisitionNumber": 1,
    "ImageComments": "SPFMRS, 114, S2",
    "SliceThickness": 3,
    "SpacingBetweenSlices": 3,
    "SAR": 0.1648,
    "EchoNumber": 2,
    "EchoTime": 0.00738,
    "RepetitionTime": 0.48,
    "FlipAngle": 60,
    "EchoTime1": 0.00492,
    "EchoTime2": 0.00738,
    "PartialFourier": 1,
    "BaseResolution": 64,
    "ShimSetting": [
        2537,
        4774,
        4160,
        623,
        -107,
        421,
        229,
        15
    ],
    "TxRefAmp": 242.4,
    "PhaseResolution": 1,
    "PhaseOversampling": 0.3,
    "ReceiveCoilName": "Head_32",
    "ReceiveCoilActiveElements": "HEA;HEP",
    "PulseSequenceDetails": "%SiemensSeq%\\gre_field_mapping",
    "CoilCombinationMethod": "Sum of Squares",
    "ConsistencyInfo": "N4_VE11E_LATEST_20181129",
    "MatrixCoilMode": "SENSE",
    "PercentPhaseFOV": 100,
    "PercentSampling": 100,
    "PhaseEncodingSteps": 84,
    "AcquisitionMatrixPE": 64,
    "ReconMatrixPE": 64,
    "PixelBandwidth": 325,
    "DwellTime": 2.39e-05,
    "PhaseEncodingDirection": "j-",
    "SliceTiming": [
        0.24219,
        0,
        0.25,
        0.01562,
        0.26562,
        0.02344,
        0.27344,
        0.03125,
        0.28125,
        0.03906,
        0.28906,
        0.05469,
        0.30469,
        0.0625,
        0.3125,
        0.07812,
        0.32812,
        0.08594,
        0.33594,
        0.09375,
        0.34375,
        0.10156,
        0.35156,
        0.11719,
        0.36719,
        0.125,
        0.375,
        0.14062,
        0.39062,
        0.14844,
        0.39844,
        0.15625,
        0.40625,
        0.16406,
        0.41406,
        0.17969,
        0.42969,
        0.1875,
        0.4375,
        0.20312,
        0.45312,
        0.21094,
        0.46094,
        0.21875,
        0.46875,
        0.22656
    ],
    "ImageOrientationPatientDICOM": [
        0.997752,
        -0.0145237,
        0.0654141,
        0.0104488,
        0.998008,
        0.0622106
    ],
    "ImageOrientationText": "Tra>Sag(3.8)>Cor(3.5)",
    "InPlanePhaseEncodingDirectionDICOM": "COL",
    "ConversionSoftware": "dcm2niix",
    "ConversionSoftwareVersion": "v1.0.20211220",
    "B0FieldIdentifier": "phasediff_fmap0",
    "IntendedFor": [
        "ses-2/func/sub-114_ses-2_task-face_run-1_bold.nii.gz"
    ]
}