{
    "Modality": "MR",
    "MagneticFieldStrength": 3,
    "ImagingFrequency": 123.26,
    "Manufacturer": "Siemens",
    "ManufacturersModelName": "Prisma_fit",
    "InstitutionName": "Swinburne University",
    "InstitutionalDepartmentName": "Advanced Technologies",
    "InstitutionAddress": "Burwood Road 400,Hawthorn,Victoria,AU,3122",
    "DeviceSerialNumber": "167089",
    "StationName": "MRC35440",
    "BodyPartExamined": "BRAIN",
    "PatientPosition": "HFS",
    "ProcedureStepDescription": "Talitha Ford^SPfMRS",
    "SoftwareVersions": "syngo MR E11",
    "MRAcquisitionType": "2D",
    "SeriesDescription": "func_ep2d_face_task",
    "ProtocolName": "func_ep2d_face_task",
    "ScanningSequence": "EP",
    "SequenceVariant": "SK",
    "ScanOptions": "FS",
    "SequenceName": "*epfid2d1_64",
    "ImageType": [
        "ORIGINAL",
        "PRIMARY",
        "M",
        "ND",
        "MOSAIC"
    ],
    "SeriesNumber": 13,
    "AcquisitionTime": "11:17:21.547500",
    "AcquisitionNumber": 1,
    "ImageComments": "Project;FMRS, Subject:112, Session:Session2",
    "SliceThickness": 3,
    "SpacingBetweenSlices": 3.6,
    "SAR": 0.130189,
    "EchoTime": 0.03,
    "RepetitionTime": 2.5,
    "FlipAngle": 90,
    "PartialFourier": 1,
    "BaseResolution": 64,
    "ShimSetting": [
        2547,
        4682,
        4170,
        590,
        38,
        -2,
        3,
        34
    ],
    "TxRefAmp": 244.257,
    "PhaseResolution": 1,
    "ReceiveCoilName": "Head_32",
    "ReceiveCoilActiveElements": "HEA;HEP",
    "PulseSequenceDetails": "%SiemensSeq%\\ep2d_pace",
    "RefLinesPE": 24,
    "CoilCombinationMethod": "Sum of Squares",
    "ConsistencyInfo": "N4_VE11E_LATEST_20181129",
    "MatrixCoilMode": "GRAPPA",
    "PercentPhaseFOV": 100,
    "PercentSampling": 100,
    "EchoTrainLength": 31,
    "PhaseEncodingSteps": 63,
    "AcquisitionMatrixPE": 64,
    "ReconMatrixPE": 64,
    "BandwidthPerPixelPhaseEncode": 55.804,
    "ParallelReductionFactorInPlane": 2,
    "EffectiveEchoSpacing": 0.000279998,
    "DerivedVendorReportedEchoSpacing": 0.000559996,
    "TotalReadoutTime": 0.0176399,
    "PixelBandwidth": 2110,
    "DwellTime": 3.7e-06,
    "PhaseEncodingDirection": "j-",
    "SliceTiming": [
        1.24,
        0,
        1.2925,
        0.0525,
        1.3475,
        0.1075,
        1.4,
        0.16,
        1.455,
        0.215,
        1.5075,
        0.2675,
        1.5625,
        0.3225,
        1.615,
        0.3775,
        1.67,
        0.43,
        1.725,
        0.485,
        1.7775,
        0.5375,
        1.8325,
        0.5925,
        1.885,
        0.645,
        1.94,
        0.7,
        1.9925,
        0.7525,
        2.0475,
        0.8075,
        2.1025,
        0.8625,
        2.155,
        0.915,
        2.21,
        0.97,
        2.2625,
        1.0225,
        2.3175,
        1.0775,
        2.37,
        1.13,
        2.425,
        1.185
    ],
    "ImageOrientationPatientDICOM": [
        0.996971,
        0.0774327,
        -0.0072874,
        -0.0767128,
        0.994462,
        0.0718348
    ],
    "ImageOrientationText": "Tra>Cor(4.1)>Sag(-0.7)",
    "InPlanePhaseEncodingDirectionDICOM": "COL",
    "ConversionSoftware": "dcm2niix",
    "ConversionSoftwareVersion": "v1.0.20211220",
    "TaskName": "face"
}